GEM
  remote: http://rubygems.org/
  specs:
    POpen4 (0.1.4)
      Platform (>= 0.4.0)
      open4
    Platform (0.4.0)
    haml (3.1.7)
    nokogiri (1.5.5)
    open4 (1.3.0)
    redcarpet (2.2.2)
    sass (3.2.3)
    yui-compressor (0.9.6)
      POpen4 (>= 0.1.4)

PLATFORMS
  ruby

DEPENDENCIES
  haml
  nokogiri
  redcarpet
  sass
  yui-compressor
